GEM
  remote: https://rubygems.org/
  specs:
    coderay (1.1.3)
    method_source (1.0.0)
    pg (1.2.3)
    pry (0.14.1)
      coderay (~> 1.1)
      method_source (~> 1.0)
    rack (2.2.3)

PLATFORMS
  ruby

DEPENDENCIES
  pg
  pry
  rack

BUNDLED WITH
   1.17.1
